GEM
  remote: http://rubygems.org/
  specs:
    ri_cal (0.8.8)
    tzinfo (0.3.35)

PLATFORMS
  ruby

DEPENDENCIES
  ri_cal
  tzinfo
